GEM
  remote: https://rubygems.org/
  specs:
    atk (2.2.0)
      glib2 (= 2.2.0)
    cairo (1.12.9)
      pkg-config (>= 1.1.5)
    gdk_pixbuf2 (2.2.0)
      glib2 (= 2.2.0)
    gettext (3.1.4)
      locale (>= 2.0.5)
      text
    glib2 (2.2.0)
      pkg-config
    gtk2 (2.2.0)
      atk (= 2.2.0)
      gdk_pixbuf2 (= 2.2.0)
      pango (= 2.2.0)
    locale (2.1.0)
    pango (2.2.0)
      cairo (>= 1.12.5)
      glib2 (= 2.2.0)
    pkg-config (1.1.5)
    text (1.3.0)
    zip (2.0.2)

PLATFORMS
  ruby

DEPENDENCIES
  gettext
  gtk2
  zip
